PATH
  remote: .
  specs:
    jazor (0.1.8)
      json
      term-ansicolor

GEM
  remote: http://rubygems.org/
  specs:
    ZenTest (4.8.1)
    autotest (4.4.6)
      ZenTest (>= 4.4.1)
    json (1.7.4)
    minitest (3.2.0)
    rake (0.9.2.2)
    term-ansicolor (1.0.7)

PLATFORMS
  ruby

DEPENDENCIES
  autotest
  jazor!
  minitest
  rake
